PATH
  remote: .
  specs:
    showoff (0.7.0)
      gli (>= 1.3.2)
      json
      nokogiri
      parslet
      redcarpet
      sinatra (~> 1.3)

GEM
  remote: http://rubygems.org/
  specs:
    Ascii85 (1.0.1)
    ansi (1.4.2)
    blankslate (2.1.2.4)
    gli (1.6.0)
    json (1.7.3)
    mg (0.0.8)
      rake
    nokogiri (1.5.2)
    parslet (1.4.0)
      blankslate (~> 2.0)
    pdf-inspector (1.0.1)
      pdf-reader (>= 0.9.0)
    pdf-reader (1.1.1)
      Ascii85 (~> 1.0.0)
      ruby-rc4
    pdfkit (0.5.2)
    rack (1.4.1)
    rack-protection (1.2.0)
      rack
    rack-test (0.6.1)
      rack (>= 1.0)
    rake (0.9.2.2)
    redcarpet (2.1.1)
    rmagick (2.13.1)
    ruby-rc4 (0.1.5)
    sinatra (1.3.2)
      rack (~> 1.3, >= 1.3.6)
      rack-protection (~> 1.2)
      tilt (~> 1.3, >= 1.3.3)
    tilt (1.3.3)
    turn (0.9.5)
      ansi

PLATFORMS
  ruby

DEPENDENCIES
  mg
  pdf-inspector
  pdfkit
  rack-test
  rmagick
  showoff!
  turn
